GIT
  remote: https://github.com/clayallsopp/formotion.git
  revision: b2f9edf443e5cef35973c634119cef3561e59b07
  specs:
    formotion (1.7)
      bubble-wrap (>= 1.4.0)
      motion-require (>= 0.1.0)

GIT
  remote: https://github.com/clearsightstudio/ProMotion.git
  revision: 07d728fe8d498754f8303cec6b45a3ebfd5f3d6d
  specs:
    ProMotion (1.2.0)
      methadone (~> 1.3.2)
      motion-require (~> 0.2.0)

GEM
  remote: https://rubygems.org/
  specs:
    ProMotion-formotion (0.1.4)
      ProMotion (>= 1.2.0)
      formotion (>= 1.7)
      motion-require (>= 0.2.0)
    bubble-wrap (1.5.0)
    methadone (1.3.2)
      bundler
    motion-require (0.2.0)
    rake (10.3.1)
    sugarcube (1.5.9)
    sweettea (0.6.0)
      rake
      sugarcube
      teacup
    teacup (2.2.2)

PLATFORMS
  ruby

DEPENDENCIES
  ProMotion!
  ProMotion-formotion
  bubble-wrap
  formotion!
  rake
  sugarcube
  sweettea
  teacup
